{
  "Manufacturer": "Siemens",
  "ManufacturersModelName": "TrioTim",
  "ProcedureStepDescription": "Studies_bbsrc_age",
  "ProtocolName": "ep2d_bold_PtoA_iPAT2_block_1",
  "ImageType": [
    "ORIGINAL",
    "PRIMARY",
    "M",
    "ND",
    "MOSAIC"
  ],
  "AcquisitionDateTime": "2014-02-18T12:43:51.570312",
  "MagneticFieldStrength": 3,
  "FlipAngle": 90,
  "EchoTime": 0.03,
  "RepetitionTime": 2,
  "EffectiveEchoSpacing": 0.000265001,
  "PhaseEncodingDirection": "j",
  "ConversionSoftware": "dcm2niix",
  "ConversionSoftwareVersion": "v1.0.20170207",
  "TaskName": "Emoreg Run1"
}
