{
  "Manufacturer": "Siemens",
  "ManufacturersModelName": "TrioTim",
  "ProcedureStepDescription": "Studies_bbsrc_age",
  "ProtocolName": "ep2d_diff_mddw_30dir_2avg",
  "ImageType": [
    "ORIGINAL",
    "PRIMARY",
    "DIFFUSION",
    "NONE",
    "ND"
  ],
  "AcquisitionDateTime": "2013-07-31T13:09:48.929688",
  "MagneticFieldStrength": 3,
  "FlipAngle": 90,
  "EchoTime": 0.093,
  "RepetitionTime": 6.8,
  "EffectiveEchoSpacing": 0.000409997,
  "PhaseEncodingDirection": "j",
  "ConversionSoftware": "dcm2niix",
  "ConversionSoftwareVersion": "v1.0.20170207",
  "TotalReadoutTime": "0.104"
}
